GEM
  remote: https://rubygems.org/
  specs:
    activesupport (4.1.4)
      i18n (~> 0.6, >= 0.6.9)
      json (~> 1.7, >= 1.7.7)
      minitest (~> 5.1)
      thread_safe (~> 0.1)
      tzinfo (~> 1.1)
    addressable (2.3.6)
    domain_name (0.5.23)
      unf (>= 0.0.5, < 1.0.0)
    excon (0.44.0)
    http-cookie (1.0.2)
      domain_name (~> 0.5)
    httpclient (2.6.0.1)
    i18n (0.7.0)
    json (1.8.2)
    json-schema (2.5.0)
      addressable (~> 2.3)
    launchy (2.4.3)
      addressable (~> 2.3)
    mechanize (2.7.2)
      domain_name (~> 0.5, >= 0.5.1)
      http-cookie (~> 1.0.0)
      mime-types (~> 1.17, >= 1.17.2)
      net-http-digest_auth (~> 1.1, >= 1.1.1)
      net-http-persistent (~> 2.5, >= 2.5.2)
      nokogiri (~> 1.4)
      ntlm-http (~> 0.1, >= 0.1.1)
      webrobots (>= 0.0.9, < 0.2)
    mime-types (1.25.1)
    mini_portile (0.6.2)
    minitest (5.5.1)
    net-http-digest_auth (1.4)
    net-http-persistent (2.9.4)
    netrc (0.7.9)
    nokogiri (1.6.6.2)
      mini_portile (~> 0.6.0)
    ntlm-http (0.1.1)
    rdoc (4.2.0)
    rest-client (1.6.8)
      mime-types (~> 1.16)
      rdoc (>= 2.4.2)
    rubyzip (1.1.6)
    scraperwiki (3.0.2)
      httpclient
      sqlite_magic
    sqlite3 (1.3.10)
    sqlite_magic (0.0.3)
      sqlite3
    thread_safe (0.3.4)
    turbot (0.1.13)
      activesupport (= 4.1.4)
      excon
      json-schema
      launchy (>= 0.3.2)
      netrc (~> 0.7.7)
      rest-client (~> 1.6.1)
      rubyzip (>= 1.0.0)
      turbot-api (= 0.0.14)
      turbot-runner (= 0.1.23)
      turbotlib (~> 0.0.8)
    turbot-api (0.0.14)
      rest-client (~> 1.6.1)
      rubyzip
    turbot-runner (0.1.23)
      json-schema (= 2.5.0)
    turbotlib (0.0.8)
      scraperwiki (= 3.0.2)
    tzinfo (1.2.2)
      thread_safe (~> 0.1)
    unf (0.1.4)
      unf_ext
    unf_ext (0.0.6)
    webrobots (0.1.1)

PLATFORMS
  ruby

DEPENDENCIES
  mechanize
  turbot
